GEM
  remote: http://rubygems.org/
  specs:
    colorize (0.5.8)
    jsmin (1.0.1)
    rake (0.9.2.2)
    rake-minify (0.3.3)
      jsmin (~> 1.0.1)
      rake (>= 0.8.7)
    sass (3.1.19)

PLATFORMS
  ruby

DEPENDENCIES
  colorize
  rake
  rake-minify
  sass
